GEM
  remote: http://rubygems.org/
  specs:
    ffi (1.1.5)
    rake (0.9.2.2)
    rspec (1.3.2)

PLATFORMS
  ruby

DEPENDENCIES
  ffi
  rake
  rspec (~> 1.3.1)
